GEM
  remote: https://rubygems.org/
  specs:
    alchemy-api-rb (0.5.2)
      excon (~> 0.28)
      faraday (~> 0.9.0)
    builder (3.2.2)
    excon (0.45.4)
    faraday (0.9.1)
      multipart-post (>= 1.2, < 3)
    haml (4.0.5)
      tilt
    json (1.8.0)
    jwt (1.0.0)
    multi_json (1.10.1)
    multipart-post (2.0.0)
    rack (1.5.2)
    rack-protection (1.5.0)
      rack
    sinatra (1.4.3)
      rack (~> 1.4)
      rack-protection (~> 1.4)
      tilt (~> 1.3, >= 1.3.4)
    tilt (1.4.1)
    twilio-ruby (3.14.4)
      builder (>= 2.1.2)
      jwt (~> 1.0.0)
      multi_json (>= 1.3.0)

PLATFORMS
  ruby

DEPENDENCIES
  alchemy-api-rb
  haml
  json
  sinatra
  twilio-ruby
