GEM
  remote: https://rubygems.org/
  specs:
    alchemy-api-rb (0.7.0)
      excon (~> 0.28)
      faraday (~> 0.9.0)
    excon (0.51.0)
    faraday (0.9.2)
      multipart-post (>= 1.2, < 3)
    json (2.0.2)
    multipart-post (2.0.0)
    rack (1.6.4)
    rack-protection (1.5.3)
      rack
    sinatra (1.4.7)
      rack (~> 1.5)
      rack-protection (~> 1.4)
      tilt (>= 1.3, < 3)
    tilt (2.0.5)

PLATFORMS
  ruby

DEPENDENCIES
  alchemy-api-rb
  json
  sinatra

RUBY VERSION
   ruby 2.3.1p112

BUNDLED WITH
   1.12.4
